GIT
  remote: git://github.com/fgrehm/vagrant-global-status.git
  revision: 8ae82e2c57b085a030137a40e9b3d232f42e5117
  specs:
    vagrant-global-status (0.1.5.dev)

GIT
  remote: git://github.com/fgrehm/vagrant-lxc.git
  revision: 1083f100adc4cf1bd20e7eb794ecfda94ef8b365
  specs:
    vagrant-lxc (0.7.1.dev)

GIT
  remote: git://github.com/fgrehm/vagrant-pristine.git
  revision: 503dbc47848c81d0fbfa6840491856f518d244a1
  specs:
    vagrant-pristine (0.3.0)

GIT
  remote: git://github.com/mitchellh/vagrant.git
  revision: f2aad2679e02ff91a8f8b2024ba657975dfaf507
  specs:
    vagrant (1.4.3.dev)
      childprocess (~> 0.3.7)
      erubis (~> 2.7.0)
      i18n (~> 0.6.0)
      log4r (~> 1.1.9)
      net-scp (~> 1.1.0)
      net-ssh (>= 2.6.6, < 2.8.0)

PATH
  remote: .
  specs:
    vagrant-cachier (0.5.2.dev)

GEM
  remote: https://rubygems.org/
  specs:
    archive-tar-minitar (0.5.2)
    chef (11.8.2)
      chef-zero (~> 1.6, >= 1.6.2)
      diff-lcs (~> 1.2, >= 1.2.4)
      erubis (~> 2.7)
      highline (~> 1.6, >= 1.6.9)
      json (>= 1.4.4, <= 1.7.7)
      mime-types (~> 1.16)
      mixlib-authentication (~> 1.3)
      mixlib-cli (~> 1.3)
      mixlib-config (~> 2.0)
      mixlib-log (~> 1.3)
      mixlib-shellout (~> 1.2)
      net-ssh (~> 2.6)
      net-ssh-multi (~> 1.1.0)
      ohai (~> 6.0)
      pry (~> 0.9)
      puma (~> 1.6)
      rest-client (>= 1.0.4, < 1.7.0)
      yajl-ruby (~> 1.1)
    chef-zero (1.7.2)
      hashie (~> 2.0)
      json
      mixlib-log (~> 1.3)
      moneta (< 0.7.0)
      rack
    childprocess (0.3.9)
      ffi (~> 1.0, >= 1.0.11)
    coderay (1.1.0)
    diff-lcs (1.2.5)
    erubis (2.7.0)
    ffi (1.9.3)
    hashie (2.0.5)
    highline (1.6.20)
    i18n (0.6.9)
    ipaddress (0.8.0)
    json (1.7.7)
    librarian (0.1.1)
      highline
      thor (~> 0.15)
    librarian-chef (0.0.2)
      archive-tar-minitar (>= 0.5.2)
      chef (>= 0.10)
      librarian (~> 0.1.0)
    log4r (1.1.10)
    method_source (0.8.2)
    mime-types (1.25.1)
    mixlib-authentication (1.3.0)
      mixlib-log
    mixlib-cli (1.4.0)
    mixlib-config (2.1.0)
    mixlib-log (1.6.0)
    mixlib-shellout (1.3.0)
    moneta (0.6.0)
    net-scp (1.1.2)
      net-ssh (>= 2.6.5)
    net-ssh (2.7.0)
    net-ssh-gateway (1.2.0)
      net-ssh (>= 2.6.5)
    net-ssh-multi (1.1)
      net-ssh (>= 2.1.4)
      net-ssh-gateway (>= 0.99.0)
    ohai (6.20.0)
      ipaddress
      mixlib-cli
      mixlib-config
      mixlib-log
      mixlib-shellout
      systemu (~> 2.5.2)
      yajl-ruby
    pry (0.9.12.4)
      coderay (~> 1.0)
      method_source (~> 0.8)
      slop (~> 3.4)
    puma (1.6.3)
      rack (~> 1.2)
    rack (1.5.2)
    rake (10.1.1)
    rest-client (1.6.7)
      mime-types (>= 1.16)
    slop (3.4.7)
    systemu (2.5.2)
    thor (0.18.1)
    vagrant-librarian-chef (0.1.4)
      librarian-chef
    vagrant-omnibus (1.2.1)
    yajl-ruby (1.2.0)

PLATFORMS
  ruby

DEPENDENCIES
  rake
  vagrant!
  vagrant-cachier!
  vagrant-global-status!
  vagrant-librarian-chef
  vagrant-lxc!
  vagrant-omnibus
  vagrant-pristine!
